GEM
  remote: https://rubygems.org/
  specs:
    concurrent-ruby (1.1.5)
    humanize-bytes (2.2.0)
    i18n (1.6.0)
      concurrent-ruby (~> 1.0)
    mail (2.7.1)
      mini_mime (>= 0.1.1)
    mini_mime (1.0.2)
    mustermann (1.0.3)
    nio4r (2.5.2)
    puma (4.3.3)
      nio4r (~> 2.0)
    rack (2.0.7)
    rack-protection (2.0.5)
      rack
    russian (0.6.0)
      i18n (>= 0.5.0)
    sinatra (2.0.5)
      mustermann (~> 1.0)
      rack (~> 2.0)
      rack-protection (= 2.0.5)
      tilt (~> 2.0)
    tilt (2.0.9)

PLATFORMS
  ruby

DEPENDENCIES
  humanize-bytes!
  mail!
  puma!
  russian!
  sinatra!

BUNDLED WITH
   2.0.1
