GEM
  specs:

GEM
  remote: https://rubygems.org/
  specs:
    concurrent-ruby (1.1.6)
    humanize-bytes (2.2.0)
    i18n (1.8.2)
      concurrent-ruby (~> 1.0)
    mail (2.7.1)
      mini_mime (>= 0.1.1)
    mini_mime (1.0.2)
    mustermann (1.1.1)
      ruby2_keywords (~> 0.0.1)
    nio4r (2.5.2)
    puma (4.3.3)
      nio4r (~> 2.0)
    rack (2.2.3)
    rack-protection (2.2.0)
      rack
    ruby2_keywords (0.0.5)
    russian (0.6.0)
      i18n (>= 0.5.0)
    sinatra (2.2.0)
      mustermann (~> 1.0)
      rack (~> 2.2)
      rack-protection (= 2.2.0)
      tilt (~> 2.0)
    tilt (2.0.10)

PLATFORMS
  ruby

DEPENDENCIES
  humanize-bytes!
  mail!
  puma!
  russian!
  sinatra!

BUNDLED WITH
   2.1.4
